PATH
  remote: .
  specs:
    artoo (1.6.2)
      celluloid (>= 0.16.0.pre)
      celluloid-io (>= 0.16.0.pre)
      multi_json (~> 1.6)
      pry (~> 0.9)
      rake
      reel (>= 0.5.0.pre)
      robeaux (~> 0.0.4)
      thor (~> 0.18.1)

GEM
  remote: http://rubygems.org/
  specs:
    celluloid (0.16.0.pre)
      timers (~> 2.0.0)
    celluloid-io (0.16.0.pre)
      celluloid (>= 0.16.0.pre)
      nio4r (>= 1.0.0)
    coderay (1.1.0)
    dotenv (0.9.0)
    ffi (1.9.3-java)
    foreman (0.63.0)
      dotenv (>= 0.7)
      thor (>= 0.13.6)
    foreman (0.63.0-java)
      dotenv (>= 0.7)
      thor (>= 0.13.6)
    hitimes (1.2.1)
    hitimes (1.2.1-java)
    http (0.6.0)
      http_parser.rb (~> 0.6.0)
    http_parser.rb (0.6.0)
    http_parser.rb (0.6.0-java)
    json (1.7.7)
    json (1.7.7-java)
    kramdown (1.2.0)
    libv8 (3.16.14.3)
    metaclass (0.0.1)
    method_source (0.8.2)
    minitest (5.0.8)
    minitest-happy (1.0.0)
    mocha (0.14.0)
      metaclass (~> 0.0.1)
    multi_json (1.9.2)
    nio4r (1.0.0)
    nio4r (1.0.0-java)
    pry (0.9.12.6)
      coderay (~> 1.0)
      method_source (~> 0.8)
      slop (~> 3.4)
    pry (0.9.12.6-java)
      coderay (~> 1.0)
      method_source (~> 0.8)
      slop (~> 3.4)
      spoon (~> 0.0)
    rake (10.2.2)
    reel (0.5.0.pre)
      celluloid (>= 0.15.1)
      celluloid-io (>= 0.15.0)
      http (>= 0.5.0)
      http_parser.rb (>= 0.6.0)
      websocket_parser (>= 0.1.6)
    ref (1.0.5)
    robeaux (0.0.4)
    slop (3.5.0)
    spoon (0.0.4)
      ffi
    therubyracer (0.12.0)
      libv8 (~> 3.16.14.0)
      ref
    therubyrhino (2.0.2)
      therubyrhino_jar (>= 1.7.3)
    therubyrhino_jar (1.7.4)
    thor (0.18.1)
    timers (2.0.0)
      hitimes
    websocket_parser (0.1.6)
    yard (0.8.7.2)
    yard-sinatra (1.0.0)
      yard (~> 0.7)

PLATFORMS
  java
  ruby

DEPENDENCIES
  artoo!
  foreman
  json (~> 1.7.7)
  kramdown
  minitest (~> 5.0.1)
  minitest-happy
  mocha (~> 0.14.0)
  therubyracer
  therubyrhino
  yard
  yard-sinatra
